GEM
  remote: http://rubygems.org/
  specs:
    activesupport (3.0.9)
    chunky_png (1.2.0)
    compass (0.11.3)
      chunky_png (~> 1.2)
      fssm (>= 0.2.7)
      sass (~> 3.1)
    daemons (1.1.8)
    eventmachine (0.12.10)
    fssm (0.2.7)
    haml (3.1.2)
    i18n (0.6.0)
    rack (1.3.0)
    sass (3.1.3)
    serve (1.1.1)
      activesupport (~> 3.0.7)
      i18n (~> 0.6.0)
      rack (~> 1.3.0)
      tilt (~> 1.3.1)
      tzinfo (~> 0.3.27)
    thin (1.3.1)
      daemons (>= 1.0.9)
      eventmachine (>= 0.12.6)
      rack (>= 1.0.0)
    tilt (1.3.2)
    tzinfo (0.3.29)

PLATFORMS
  ruby

DEPENDENCIES
  compass
  haml
  serve
  thin
